GEM
  remote: https://rubygems.org/
  specs:
    addressable (2.7.0)
      public_suffix (>= 2.0.2, < 5.0)
    faraday (0.17.0)
      multipart-post (>= 1.2, < 3)
    git (1.5.0)
    mime-types (3.3)
      mime-types-data (~> 3.2015)
    mime-types-data (3.2019.1009)
    multipart-post (2.1.1)
    octokit (4.14.0)
      sawyer (~> 0.8.0, >= 0.5.3)
    public_suffix (4.0.1)
    rake (13.0.0)
    sawyer (0.8.2)
      addressable (>= 2.3.5)
      faraday (> 0.8, < 2.0)
    semantic (1.6.1)

PLATFORMS
  ruby

DEPENDENCIES
  git (~> 1.5)
  mime-types (~> 3.3)
  octokit (~> 4.0)
  rake (~> 13.0)
  semantic (~> 1.6)

BUNDLED WITH
   2.0.2
